PATH
  remote: .
  specs:
    rsocket-rb (0.0.1)

GEM
  remote: https://rubygems.org/
  specs:
    eventmachine (1.2.7)
    minitest (5.11.3)
    rake (10.5.0)

PLATFORMS
  ruby

DEPENDENCIES
  bundler (~> 2.0)
  eventmachine
  minitest (~> 5.0)
  rake (~> 10.0)
  rsocket-rb!

BUNDLED WITH
   2.0.1
